Brain Vision Data Exchange Header File Version 1.0
; Data created from the EEGLAB software

[Common Infos]
DataFile=sub-1448_task-Rest_eeg.eeg
DataFormat=BINARY
; Data orientation: VECTORIZED=ch1,pt1, ch1,pt2..., MULTIPLEXED=ch1,pt1, ch2,pt1 ...
DataOrientation=VECTORIZED
DataType=TIMEDOMAIN
NumberOfChannels=64
DataPoints=306000
; Sampling interval in microseconds if time domain (convert to Hertz:
; 1000000 / SamplingInterval) or in Hertz if frequency domain:
SamplingInterval=1000

[Binary Infos]
BinaryFormat=IEEE_FLOAT_32

[Channel Infos]
; Each entry: Ch<Channel number>=<Name>,<Reference channel name>,
; <Resolution in microvolts>,<Future extensions..
; Fields are delimited by commas, some fields might be omited (empty).
; Commas in channel names are coded as "".
Ch1=EEG001,, 
Ch2=EEG002,, 
Ch3=EEG003,, 
Ch4=EEG004,, 
Ch5=EEG005,, 
Ch6=EEG006,, 
Ch7=EEG007,, 
Ch8=EEG008,, 
Ch9=EEG009,, 
Ch10=EEG010,, 
Ch11=EEG011,, 
Ch12=EEG012,, 
Ch13=EEG013,, 
Ch14=EEG014,, 
Ch15=EEG015,, 
Ch16=EEG016,, 
Ch17=EEG017,, 
Ch18=EEG018,, 
Ch19=EEG019,, 
Ch20=EEG020,, 
Ch21=EEG021,, 
Ch22=EEG022,, 
Ch23=EEG023,, 
Ch24=EEG024,, 
Ch25=EEG025,, 
Ch26=EEG026,, 
Ch27=EEG027,, 
Ch28=EEG028,, 
Ch29=EEG029,, 
Ch30=EEG030,, 
Ch31=EEG031,, 
Ch32=EEG032,, 
Ch33=EEG033,, 
Ch34=EEG034,, 
Ch35=EEG035,, 
Ch36=EEG036,, 
Ch37=EEG037,, 
Ch38=EEG038,, 
Ch39=EEG039,, 
Ch40=EEG040,, 
Ch41=EEG041,, 
Ch42=EEG042,, 
Ch43=EEG043,, 
Ch44=EEG044,, 
Ch45=EEG045,, 
Ch46=EEG046,, 
Ch47=EEG047,, 
Ch48=EEG048,, 
Ch49=EEG049,, 
Ch50=EEG050,, 
Ch51=EEG051,, 
Ch52=EEG052,, 
Ch53=EEG053,, 
Ch54=EEG054,, 
Ch55=EEG055,, 
Ch56=EEG056,, 
Ch57=EEG057,, 
Ch58=EEG058,, 
Ch59=EEG059,, 
Ch60=EEG060,, 
Ch61=EEG061,, 
Ch62=EEG062,, 
Ch63=EEG063,, 
Ch64=EEG064,, 

